GEM
  remote: http://rubygems.org/
  specs:
    rack (1.2.1)
    rake (0.8.7)
    test-spec (0.10.0)

PLATFORMS
  ruby

DEPENDENCIES
  rack
  rake
  test-spec
